GEM
  remote: http://rubygems.org/
  specs:
    RedCloth (4.2.9)
    activesupport (3.2.22.2)
      i18n (~> 0.6, >= 0.6.4)
      multi_json (~> 1.0)
    addressable (2.2.8)
    albino (1.3.3)
      posix-spawn (>= 0.3.6)
    blankslate (3.1.3)
    builder (3.2.2)
    capybara (1.1.4)
      mime-types (>= 1.16)
      nokogiri (>= 1.3.3)
      rack (>= 1.0.0)
      rack-test (>= 0.5.4)
      selenium-webdriver (~> 2.0)
      xpath (~> 0.1.4)
    childprocess (0.5.9)
      ffi (~> 1.0, >= 1.0.11)
    chunky_png (1.3.5)
    classifier (1.3.4)
      fast-stemmer (>= 1.0.0)
    compass (1.0.3)
      chunky_png (~> 1.2)
      compass-core (~> 1.0.2)
      compass-import-once (~> 1.0.5)
      rb-fsevent (>= 0.9.3)
      rb-inotify (>= 0.9)
      sass (>= 3.3.13, < 3.5)
    compass-core (1.0.3)
      multi_json (~> 1.0)
      sass (>= 3.3.0, < 3.5)
    compass-import-once (1.0.5)
      sass (>= 3.2, < 3.5)
    cucumber (1.1.9)
      builder (>= 2.1.2)
      diff-lcs (>= 1.1.2)
      gherkin (~> 2.9.0)
      json (>= 1.4.6)
      term-ansicolor (>= 1.0.6)
    cucumber-sinatra (0.4.0)
      templater (>= 1.0.0)
    database_cleaner (0.7.2)
    diff-lcs (1.1.3)
    directory_watcher (1.5.1)
    extlib (0.9.16)
    fast-stemmer (1.0.2)
    ffi (1.9.10)
    gherkin (2.9.3)
      json (>= 1.4.6)
    haml (4.0.7)
      tilt
    highline (1.7.8)
    i18n (0.7.0)
    jekyll (0.11.0)
      albino (>= 1.3.2)
      classifier (>= 1.3.1)
      directory_watcher (>= 1.1.1)
      kramdown (>= 0.13.2)
      liquid (>= 1.9.0)
      maruku (>= 0.5.9)
    json (1.8.3)
    kramdown (1.10.0)
    launchy (2.0.5)
      addressable (~> 2.2.6)
    liquid (2.2.2)
    maruku (0.7.2)
    mime-types (3.0)
      mime-types-data (~> 3.2015)
    mime-types-data (3.2016.0221)
    mini_portile2 (2.0.0)
    multi_json (1.11.2)
    nokogiri (1.6.7.2)
      mini_portile2 (~> 2.0.0.rc2)
    posix-spawn (0.3.11)
    pygments.rb (0.1.3)
      rubypython (>= 0.5.1)
    rack (1.3.10)
    rack-test (0.6.3)
      rack (>= 1.0)
    rake (11.1.2)
    rb-fsevent (0.9.7)
    rb-inotify (0.9.7)
      ffi (>= 0.5.0)
    rdiscount (1.6.8)
    rspec (2.8.0)
      rspec-core (~> 2.8.0)
      rspec-expectations (~> 2.8.0)
      rspec-mocks (~> 2.8.0)
    rspec-core (2.8.0)
    rspec-expectations (2.8.0)
      diff-lcs (~> 1.1.2)
    rspec-mocks (2.8.0)
    rubypants (0.2.0)
    rubypython (0.6.3)
      blankslate (>= 2.1.2.3)
      ffi (>= 1.0.7)
    rubyzip (1.2.0)
    sass (3.4.22)
    selenium-webdriver (2.53.0)
      childprocess (~> 0.5)
      rubyzip (~> 1.0)
      websocket (~> 1.0)
    sinatra (1.2.6)
      rack (~> 1.1)
      tilt (>= 1.2.2, < 2.0)
    spork (0.9.2)
    stringex (1.3.3)
    templater (1.0.0)
      diff-lcs (>= 1.1.2)
      extlib (>= 0.9.5)
      highline (>= 1.4.0)
    term-ansicolor (1.3.2)
      tins (~> 1.0)
    tilt (1.4.1)
    tins (1.9.0)
    websocket (1.2.2)
    xpath (0.1.4)
      nokogiri (~> 1.3)

PLATFORMS
  ruby

DEPENDENCIES
  RedCloth (~> 4.2.8)
  activesupport (~> 3.2.1)
  capybara (~> 1.1.2)
  compass (>= 0.11)
  cucumber (~> 1.1.4)
  cucumber-sinatra (~> 0.4.0)
  database_cleaner (~> 0.7.1)
  haml (>= 3.1)
  jekyll (= 0.11.0)
  launchy (~> 2.0.5)
  liquid (~> 2.2.2)
  pygments.rb (~> 0.1.3)
  rack (~> 1.3.2)
  rake
  rb-fsevent (~> 0.9.3)
  rdiscount (~> 1.6.8)
  rspec (~> 2.8.0)
  rubypants (~> 0.2.0)
  sinatra (= 1.2.6)
  spork (~> 0.9.0)
  stringex (~> 1.3.0)

BUNDLED WITH
   1.11.2
